PATH
  remote: .
  specs:
    beer_project (0.1.0)
      colorize
      nokogiri

GEM
  remote: https://rubygems.org/
  specs:
    coderay (1.1.2)
    colorize (0.8.1)
    method_source (0.9.2)
    mini_portile2 (2.5.1)
    nokogiri (1.11.5)
      mini_portile2 (~> 2.5.0)
      racc (~> 1.4)
    pry (0.12.2)
      coderay (~> 1.1.0)
      method_source (~> 0.9.0)
    racc (1.5.2)
    rake (13.0.1)

PLATFORMS
  ruby

DEPENDENCIES
  beer_project!
  bundler (~> 2.0)
  pry
  rake (~> 13.0)

BUNDLED WITH
   2.0.1
